PATH
  remote: .
  specs:
    soup (1.0.9)

GEM
  remote: http://rubygems.org/
  specs:
    kintama (0.1.8)
    rake (0.9.2)

PLATFORMS
  ruby

DEPENDENCIES
  kintama (>= 0.1.8)
  rake
  soup!
