PATH
  remote: .
  specs:
    soup (1.0.2)

GEM
  remote: http://rubygems.org/
  specs:
    kintama (0.1.1)

PLATFORMS
  ruby

DEPENDENCIES
  kintama
  soup!
