PATH
  remote: .
  specs:
    soup (1.0.2)

GEM
  remote: http://rubygems.org/
  specs:
    shoulda (2.11.3)

PLATFORMS
  ruby

DEPENDENCIES
  shoulda
  soup!
